STORAGE: PACKAGES
RESTRICTION: == net45
NUGET
  remote: https://www.nuget.org/api/v2
    DotlessClientOnly (1.5.2)
    Ioc.Modules (1.4.1)
      Ioc.Modules.Contract (>= 1.4.1)
    Ioc.Modules.Contract (1.4.1)
    Ioc.Modules.Ninject (1.4.1)
      Ioc.Modules (>= 1.4.1)
      Ioc.Modules.Contract (>= 1.4.1)
      Ninject (>= 3.2.2)
    Microsoft.Owin (3.1)
      Owin (>= 1.0)
    Microsoft.Owin.Host.SystemWeb (3.0.1)
      Microsoft.Owin (>= 3.0.1)
      Owin (>= 1.0)
    Microsoft.Web.Infrastructure (1.0)
    Moq (4.2.1507.118)
    Moq.Modules (1.0.2)
      Moq (>= 4.2.1507.118)
    Newtonsoft.Json (7.0.1)
    Ninject (3.2.2)
    NUnit (3.12)
    Owin (1.0)
    Owin.Framework (2.8)
      Ioc.Modules.Contract (>= 1.4.1)
      Microsoft.Owin (>= 3.1)
      Owin (>= 1.0)
    Owin.Framework.AnalysisReporter (2.8)
      Ioc.Modules.Contract (>= 1.4.1)
      Newtonsoft.Json (>= 7.0.1)
      Owin.Framework (>= 2.8)
    Owin.Framework.DefaultDocument (2.8)
      Ioc.Modules.Contract (>= 1.4.1)
      Newtonsoft.Json (>= 7.0.1)
      Owin.Framework (>= 2.8)
    Owin.Framework.Documenter (2.8)
      Ioc.Modules.Contract (>= 1.4.1)
      Newtonsoft.Json (>= 7.0.1)
      Owin.Framework (>= 2.8)
    Owin.Framework.ExceptionReporter (2.8)
      Ioc.Modules.Contract (>= 1.4.1)
      Newtonsoft.Json (>= 7.0.1)
      Owin.Framework (>= 2.8)
    Owin.Framework.Mocks (2.8)
      Moq.Modules (>= 1.0.2)
      NUnit (>= 3.5)
      Owin.Framework (>= 2.8)
    Owin.Framework.NotFound (2.8)
      Ioc.Modules.Contract (>= 1.4.1)
      Owin.Framework (>= 2.8)
    Owin.Framework.Pages.Core (1.2.11)
      Newtonsoft.Json (>= 7.0.1)
      Owin.Framework (>= 2.7.1)
    Owin.Framework.Pages.DebugMiddleware (1.2.11)
      Newtonsoft.Json (>= 7.0.1)
      Owin.Framework (>= 2.7.1)
      Owin.Framework.Pages.Core (>= 1.2.11)
      Svg (>= 2.3)
      Urchin.Client (>= 1.3.1)
    Owin.Framework.Pages.Framework (1.2.11)
      Newtonsoft.Json (>= 7.0.1)
      Owin.Framework (>= 2.7.1)
      Owin.Framework.Pages.Core (>= 1.2.11)
      Urchin.Client (>= 1.3.1)
    Owin.Framework.Pages.Html (1.2.11)
      DotlessClientOnly (>= 1.5.2)
      Newtonsoft.Json (>= 7.0.1)
      Owin.Framework (>= 2.7.1)
      Owin.Framework.Pages.Core (>= 1.2.11)
      Urchin.Client (>= 1.3.1)
    Owin.Framework.Pages.Restful (1.2.11)
      Newtonsoft.Json (>= 7.0.1)
      Owin.Framework (>= 2.7.1)
      Owin.Framework.Pages.Core (>= 1.2.11)
      Urchin.Client (>= 1.3.1)
    Owin.Framework.Pages.Standard (1.2.11)
      Newtonsoft.Json (>= 7.0.1)
      Owin.Framework (>= 2.7.1)
      Owin.Framework.Pages.Core (>= 1.2.11)
      Owin.Framework.Pages.Framework (>= 1.2.11)
      Owin.Framework.Pages.Html (>= 1.2.11)
      Owin.Framework.Pages.Restful (>= 1.2.11)
      Urchin.Client (>= 1.3.1)
    Owin.Framework.Urchin (2.7.1)
      Ioc.Modules.Contract (>= 1.4.1)
      Microsoft.Owin (>= 3.1)
      Newtonsoft.Json (>= 7.0.1)
      Owin (>= 1.0)
      Owin.Framework (>= 2.7.1)
      Urchin.Client (>= 1.3)
    Svg (2.3)
    Urchin.Client (1.3.2)
      Ioc.Modules.Contract (>= 1.4.1)
      Newtonsoft.Json (>= 7.0.1)
