STORAGE: PACKAGES
RESTRICTION: == net45
NUGET
  remote: https://www.nuget.org/api/v2
    Ioc.Modules (1.3.2)
    Ioc.Modules.Ninject (1.3.1)
      Ioc.Modules (>= 1.3.1)
      Ninject (>= 3.2.2)
    Microsoft.Owin (3.0.1)
      Owin (>= 1.0)
    Microsoft.Owin.Host.SystemWeb (3.0.1)
      Microsoft.Owin (>= 3.0.1)
      Owin (>= 1.0)
    Microsoft.Web.Infrastructure (1.0)
    Moq (4.2.1507.118)
    Moq.Modules (1.0.2)
      Moq (>= 4.2.1507.118)
    Newtonsoft.Json (7.0.1)
    Ninject (3.2.2)
    NUnit (3.11)
    Owin (1.0)
    Owin.Framework (2.6.8)
      Ioc.Modules (>= 1.3.2)
      Microsoft.Owin (>= 2.1)
      Owin (>= 1.0)
    Owin.Framework.AnalysisReporter (2.6.2)
      Ioc.Modules (>= 1.3.1)
      Newtonsoft.Json (>= 7.0.1)
      Owin.Framework (>= 2.6.7)
    Owin.Framework.DefaultDocument (2.6.3)
      Ioc.Modules (>= 1.3.2)
      Newtonsoft.Json (>= 7.0.1)
      Owin.Framework (>= 2.6.8)
    Owin.Framework.Documenter (2.6.5)
      Ioc.Modules (>= 1.3.1)
      Newtonsoft.Json (>= 7.0.1)
      Owin.Framework (>= 2.6.7)
    Owin.Framework.ExceptionReporter (2.6.3)
      Ioc.Modules (>= 1.3.2)
      Newtonsoft.Json (>= 7.0.1)
      Owin.Framework (>= 2.6.8)
    Owin.Framework.Mocks (2.6.8)
      Moq.Modules (>= 1.0.2)
      NUnit (>= 3.5)
      Owin.Framework (>= 2.6.8)
    Owin.Framework.NotFound (2.6.2)
      Ioc.Modules (>= 1.3.1)
      Owin.Framework (>= 2.6.7)
    Owin.Framework.Pages.Core (1.1.3)
      Microsoft.Owin (3.0.1)
      Owin.Framework (>= 2.6 < 3.0)
    Owin.Framework.Pages.Framework (1.1.3)
      Microsoft.Owin (3.0.1)
      Owin.Framework (>= 2.6 < 3.0)
    Owin.Framework.Pages.Html (1.1.3)
      Microsoft.Owin (3.0.1)
      Owin.Framework (>= 2.6 < 3.0)
    Owin.Framework.Pages.Restful (1.1.3)
      Microsoft.Owin (3.0.1)
      Owin.Framework (>= 2.6 < 3.0)
    Owin.Framework.Pages.Standard (1.1.3)
      Microsoft.Owin (3.0.1)
      Owin.Framework (>= 2.6 < 3.0)
    Owin.Framework.Urchin (2.6.8)
      Ioc.Modules (>= 1.3.2)
      Newtonsoft.Json (>= 7.0.1)
      Owin.Framework (>= 2.6.8)
      Urchin.Client (>= 1.2.1)
    Svg (2.3)
    Urchin.Client (1.2.6)
      Ioc.Modules (>= 1.2.1)
      Newtonsoft.Json (>= 7.0.1)
